PATH
  remote: .
  specs:
    devise-mongo_mapper (0.0.2)
      devise (~> 1.1.0)

GEM
  remote: https://rubygems.org/
  specs:
    bcrypt-ruby (2.1.4)
    devise (1.1.9)
      bcrypt-ruby (~> 2.1.2)
      warden (~> 1.0.2)
    rack (1.5.2)
    warden (1.0.6)
      rack (>= 1.0)

PLATFORMS
  ruby

DEPENDENCIES
  bundler (>= 1.0.0)
  devise-mongo_mapper!
